##TITLE= Parameter file, TopSpin 4.0.9
##JCAMPDX= 5.0
##DATATYPE= Parameter Values
##NPOINTS= 1	$$ modification sequence number
##ORIGIN= Bruker BioSpin GmbH
##OWNER= nmrsu
$$ 2021-10-20 11:49:41.511 -0700  nmrsu@CZC950B486
$$ D:/nmrdata/mason42/MAS 1 testing/23//specpar
$$ process C:\Bruker\TopSpin4.0.9\prog\mod\acqdataserver.exe
##$ANCIEN= (0..7)
0 0 0 0 0 0 0 0
##$BF1= 100.13
##$BF2= 100.13
##$BF3= 100.13
##$DEC= 1
##$DECB= 1
##$DEF19F= yes
##$DEFRSEL= yes
##$HPMOD= (0..32)
0 0 0 0 0 0 0 0 0 0 0 0 0 0 0 0 0 0 0 0 0 0 0 0 0 0 0 0 0 0 0 0 0
##$HPPRECH= (0..32)
-1 -1 -1 -1 -1 -1 -1 -1 -1 -1 -1 -1 -1 -1 -1 -1 -1 -1 -1 -1 -1 -1 -1 -1
-1 -1 -1 -1 -1 -1 -1 -1 -1
##$HPSELECT= yes
##$LOCSW19F= -1
##$LOCSW2H= -1
##$NUC1= 1
##$NUC2= 10
##$NUC3= 0
##$NUC4= 0
##$NUC5= 0
##$NUC6= 0
##$NUC7= 0
##$NUC8= 0
##$NUCARR= (0..123)
301.1 301.1 46.220683277 321.165225714 229.374896736 44.310134946 117.018892767
42.310008943 32.349154238 96.604845714 75.71165522 21.758440487 30.510198032
40.818492027 283.317067121 23.769725256 79.6466709 18.432242985 78.457202449
59.820100057 121.887514162 23.112436 29.501503999 24.556887975 14.050449103
17.469876198 7.712089355 20.264117319 73.142450217 16.974614874 16.979140407
30.020600399 79.198176428 17.019665456 74.640335398 9.748949558 71.442219814
26.906449561 79.838089203 85.523519623 18.839233833 72.268076894 91.825575744
10.503316465 51.556190754 57.424325643 15.710560942 75.43753378 81.316625698
11.5851236 29.071033373 98.521286994 13.049138042 14.754496178 27.991153278
73.69774787 19.622464186 20.034275645 67.772569586 13.866109661 15.540882059
9.594391917 13.7786371 12.187983009 14.011787863 63.87981028 66.823649925
65.837788305 65.978925919 98.516153239 107.288731849 112.282092952 72.054967347
39.020202387 78.797093162 94.996354459 60.242540346 83.736470046 24.822446131
39.492703562 29.912650027 33.461026208 39.7280373 42.532305051 92.19682
16.40995 10.11696 12.55587 10.35784 74.85346 33.06078 9.24377 12.13433
72.38444 10.35784 14.51302 64.25474 8.67168 24.96119 52.690410366 14.516031
34.337444 24.482441 12.065077 7.578687 36.1006856 12.544991257 67.8215706
68.5050676 6.872098641 23.3816194 5.172898 5.633581 64.726816624 5.206019
53.929485042 19.907476413 171.9979552 173.686036218 62.991923589 48.384626168
5.5444554 10.92993 100
##$NUCOFFS= (0..127)
<1H> <2H> <79Br> <13C> <81Br> <7Li> <207Pb> <27Al> <15N> <31P> <6Li> <29Si>
<> <> <> <> <> <> <> <> <> <> <> <> <> <> <> <> <> <> <> <> <> <> <> <>
<> <> <> <> <> <> <> <> <> <> <> <> <> <> <> <> <> <> <> <> <> <> <> <>
<> <> <> <> <> <> <> <> <> <> <> <> <> <> <> <> <> <> <> <> <> <> <> <>
<> <> <> <> <> <> <> <> <> <> <> <> <> <> <> <> <> <> <> <> <> <> <> <>
<> <> <> <> <> <> <> <> <> <> <> <> <> <> <> <> <> <> <> <>
##$OBS= 1
##$OFFS= (0..127)
0 0 0 0 0 0 0 0 0 0 0 0 0 0 0 0 0 0 0 0 0 0 0 0 0 0 0 0 0 0 0 0 0 0 0 0
0 0 0 0 0 0 0 0 0 0 0 0 0 0 0 0 0 0 0 0 0 0 0 0 0 0 0 0 0 0 0 0 0 0 0 0
0 0 0 0 0 0 0 0 0 0 0 0 0 0 0 0 0 0 0 0 0 0 0 0 0 0 0 0 0 0 0 0 0 0 0 0
0 0 0 0 0 0 0 0 0 0 0 0 0 0 0 0 0 0 0 0
##$OFFSF= (0..7)
0 0 0 0 0 0 0 0
##$OFFSH= (0..7)
0 0 0 0 0 0 0 0
##$OFFSX= (0..7)
0 0 0 0 0 0 0 0
##$OFFSXAS= (0..7)
0 0 0 0 0 0 0 0
##$OFSF1= 0
##$OFSF2= 0
##$OFSH1= 0
##$OFSH2= 0
##$OFSH3= 0
##$OFSX1= 0
##$OFSX2= 0
##$OFSY= 0
##$PACOIL= (0..32)
0 0 0 0 0 0 0 0 0 0 0 0 0 0 0 0 0 0 0 0 0 0 0 0 0 0 0 0 0 0 0 0 0
##$PRECHAN= (0..32)
-1 0 2 -1 1 -1 -1 -1 -1 -1 -1 -1 -1 -1 -1 -1 -1 -1 -1 -1 -1 -1 -1 -1 -1
-1 -1 -1 -1 -1 -1 -1 -1
##$RECPRE= (0..25)
-1 0 2 -1 -1 -1 -1 -1 -1 -1 -1 -1 -1 -1 -1 -1 -1 -1 -1 -1 -1 -1 -1 -1 -1
-1
##$RECPRFX= (0..32)
1 0 1 0 0 0 0 0 0 0 0 0 0 0 0 0 0 0 0 0 0 0 0 0 0 0 0 0 0 0 0 0 0
##$RECSEL= (0..24)
0 1 2 3 4 5 6 7 8 9 10 11 12 13 14 15 16 17 18 19 20 21 22 23 24
##$SELREC= (0..24)
0 0 0 0 0 0 0 0 0 0 0 0 0 0 0 0 0 0 0 0 0 0 0 0 0
##$SFO1= 301.100753
##$SFO2= 75.718298
##$SFO3= 301.101859
##$SFO4= 301.101859
##$SFO5= 301.101859
##$SFO6= 301.101859
##$SFO7= 301.101859
##$SFO8= 301.101859
##$TY= (0..123)
0 0 0 0 0 0 0 0 0 0 0 0 0 0 0 0 0 0 0 0 0 0 0 0 0 0 0 0 0 0 0 0 0 0 0 0
0 0 0 0 0 0 0 0 0 0 0 0 0 0 0 0 0 0 0 0 0 0 0 0 0 0 0 0 0 0 0 0 0 0 0 0
0 0 0 0 0 0 0 0 0 0 0 0 0 0 0 0 0 0 0 0 0 0 0 0 0 0 0 0 0 0 0 0 0 0 0 0
0 0 0 0 0 0 0 0 0 0 0 0 0 0 0 0
##END=
