##TITLE= Parameter file, TopSpin 4.1.1
##JCAMPDX= 5.0
##DATATYPE= Parameter Values
##NPOINTS= 1	$$ modification sequence number
##ORIGIN= Bruker BioSpin GmbH
##OWNER= rschurko
$$ 2021-09-27 14:42:22.377 -0400  rschurko@600wb1.magnet.fsu.edu
$$ /opt/topspin4.1.1/data/altenhof/nmr/RbNO3_MQMAS_Sept27_2021/202/acqu2
$$ process /opt/topspin4.1.1/prog/mod/dirdata
##$ACQT0= 0
##$BF1= 196.355444
##$FnILOOP= 0
##$FnMODE= 1
##$NUC1= <87Rb>
##$NusJSP= 0
##$NusT2= 1
##$NusTD= 0
##$O1= -14054.729970632
##$ProjAngle= 0
##$SFO1= 196.341389270029
##$SW= 50.9315179789429
##$SW_h= 10000
##$TD= 129
##END=
